GEM
  remote: https://rubygems.org/
  specs:
    haml (5.0.0)
      temple (>= 0.8.0)
      tilt
    oj (3.0.2)
    puma (3.8.2)
    rack (2.0.1)
    roda (2.25.0)
      rack
    temple (0.8.0)
    tilt (2.0.7)

PLATFORMS
  ruby

DEPENDENCIES
  haml
  oj
  puma
  roda

BUNDLED WITH
   1.14.6
