GEM
  remote: https://rubygems.org/
  specs:
    haml (5.0.4)
      temple (>= 0.8.0)
      tilt
    oj (3.7.7)
    puma (3.12.0)
    rack (2.0.6)
    roda (3.15.0)
      rack
    temple (0.8.0)
    tilt (2.0.9)

PLATFORMS
  ruby

DEPENDENCIES
  haml
  oj
  puma
  roda

BUNDLED WITH
   1.17.2
